GEM
  remote: https://rubygems.org/
  specs:
    activesupport (4.2.4)
      i18n (~> 0.7)
      json (~> 1.7, >= 1.7.7)
      minitest (~> 5.1)
      thread_safe (~> 0.3, >= 0.3.4)
      tzinfo (~> 1.1)
    addressable (2.3.8)
    backports (3.6.6)
    buftok (0.2.0)
    celluloid (0.17.1.2)
      bundler
      celluloid-essentials
      celluloid-extras
      celluloid-fsm
      celluloid-pool
      celluloid-supervision
      dotenv
      nenv
      rspec-logsplit (>= 0.1.2)
      timers (>= 4.1.1)
    celluloid-essentials (0.20.2.1)
      bundler
      dotenv
      nenv
      rspec-logsplit (>= 0.1.2)
      timers (>= 4.1.1)
    celluloid-extras (0.20.1)
      bundler
      dotenv
      nenv
      rspec-logsplit (>= 0.1.2)
      timers (>= 4.1.1)
    celluloid-fsm (0.20.1)
      bundler
      dotenv
      nenv
      rspec-logsplit (>= 0.1.2)
      timers (>= 4.1.1)
    celluloid-pool (0.20.1)
      bundler
      dotenv
      nenv
      rspec-logsplit (>= 0.1.2)
      timers (>= 4.1.1)
    celluloid-supervision (0.20.1.1)
      bundler
      dotenv
      nenv
      rspec-logsplit (>= 0.1.2)
      timers (>= 4.1.1)
    coderay (1.1.0)
    coffee-script (2.2.0)
      coffee-script-source
      execjs
    coffee-script-source (1.9.1.1)
    connection_pool (2.2.0)
    daemons (1.2.3)
    dashing (1.3.4)
      coffee-script (~> 2.2.0)
      execjs (~> 2.0.2)
      rack (~> 1.5.2)
      rufus-scheduler (~> 2.0.24)
      sass (~> 3.2.12)
      sinatra (~> 1.4.4)
      sinatra-contrib (~> 1.4.2)
      sprockets (~> 2.10.1)
      thin (~> 1.6.1)
      thor (~> 0.18.1)
    dashing-contrib (0.2.1)
      activesupport (~> 4.1)
      dashing (~> 1.3)
      dotenv (~> 0.11.1)
      multi_json (~> 1.10)
      nagiosharder (~> 0)
      rest-client (~> 1.6)
      sidekiq (~> 3.0)
      sinatra (~> 1.4)
      thor (~> 0.18.1)
      time_diff (~> 0.3)
    domain_name (0.5.24)
      unf (>= 0.0.5, < 1.0.0)
    dotenv (0.11.1)
      dotenv-deployment (~> 0.0.2)
    dotenv-deployment (0.0.2)
    equalizer (0.0.10)
    eventmachine (1.0.8)
    execjs (2.0.2)
    faraday (0.9.1)
      multipart-post (>= 1.2, < 3)
    hashie (1.2.0)
    hike (1.2.3)
    hitimes (1.2.3)
    http (0.9.6)
      addressable (~> 2.3)
      http-cookie (~> 1.0)
      http-form_data (~> 1.0.1)
      http_parser.rb (~> 0.6.0)
    http-cookie (1.0.2)
      domain_name (~> 0.5)
    http-form_data (1.0.1)
    http_parser.rb (0.6.0)
    httparty (0.13.6)
      json (~> 1.8)
      multi_xml (>= 0.5.2)
    i18n (0.7.0)
    icalendar (2.3.0)
    icalendar-recurrence (1.1.0)
      icalendar (~> 2.0)
      ice_cube (~> 0.13.0)
    ice_cube (0.13.0)
    json (1.8.3)
    mechanize (2.7.3)
      domain_name (~> 0.5, >= 0.5.1)
      http-cookie (~> 1.0)
      mime-types (~> 2.0)
      net-http-digest_auth (~> 1.1, >= 1.1.1)
      net-http-persistent (~> 2.5, >= 2.5.2)
      nokogiri (~> 1.4)
      ntlm-http (~> 0.1, >= 0.1.1)
      webrobots (>= 0.0.9, < 0.2)
    memoizable (0.4.2)
      thread_safe (~> 0.3, >= 0.3.1)
    method_source (0.8.2)
    mime-types (2.5)
    mini_portile (0.6.2)
    minitest (5.8.0)
    multi_json (1.11.2)
    multi_xml (0.5.5)
    multipart-post (2.0.0)
    nagiosharder (0.5.0)
      activesupport
      hashie (~> 1.2.0)
      httparty
      i18n
      nokogiri
      rest-client
      terminal-table
    naught (1.1.0)
    nenv (0.2.0)
    net-http-digest_auth (1.4)
    net-http-persistent (2.9.4)
    netrc (0.10.3)
    nokogiri (1.6.6.2)
      mini_portile (~> 0.6.0)
    ntlm-http (0.1.1)
    pry (0.10.1)
      coderay (~> 1.1.0)
      method_source (~> 0.8.1)
      slop (~> 3.4)
    rack (1.5.5)
    rack-protection (1.5.3)
      rack
    rack-test (0.6.3)
      rack (>= 1.0)
    redis (3.2.1)
    redis-namespace (1.5.2)
      redis (~> 3.0, >= 3.0.4)
    rest-client (1.8.0)
      http-cookie (>= 1.0.2, < 2.0)
      mime-types (>= 1.16, < 3.0)
      netrc (~> 0.7)
    rspec-logsplit (0.1.3)
    rufus-scheduler (2.0.24)
      tzinfo (>= 0.3.22)
    sass (3.2.19)
    sidekiq (3.5.0)
      celluloid (~> 0.17.0)
      connection_pool (~> 2.2, >= 2.2.0)
      json (~> 1.0)
      redis (~> 3.2, >= 3.2.1)
      redis-namespace (~> 1.5, >= 1.5.2)
    simple_oauth (0.3.1)
    sinatra (1.4.6)
      rack (~> 1.4)
      rack-protection (~> 1.4)
      tilt (>= 1.3, < 3)
    sinatra-contrib (1.4.6)
      backports (>= 2.0)
      multi_json
      rack-protection
      rack-test
      sinatra (~> 1.4.0)
      tilt (>= 1.3, < 3)
    slop (3.6.0)
    sprockets (2.10.1)
      hike (~> 1.2)
      multi_json (~> 1.0)
      rack (~> 1.0)
      tilt (~> 1.1, != 1.3.0)
    terminal-table (1.5.2)
    thin (1.6.3)
      daemons (~> 1.0, >= 1.0.9)
      eventmachine (~> 1.0)
      rack (~> 1.0)
    thor (0.18.1)
    thread_safe (0.3.5)
    tilt (1.4.1)
    time_diff (0.3.0)
      activesupport
      i18n
    timers (4.1.1)
      hitimes
    twitter (5.15.0)
      addressable (~> 2.3)
      buftok (~> 0.2.0)
      equalizer (= 0.0.10)
      faraday (~> 0.9.0)
      http (>= 0.4, < 0.10)
      http_parser.rb (~> 0.6.0)
      json (~> 1.8)
      memoizable (~> 0.4.0)
      naught (~> 1.0)
      simple_oauth (~> 0.3.0)
    tzinfo (1.2.2)
      thread_safe (~> 0.1)
    unf (0.1.4)
      unf_ext
    unf_ext (0.0.7.1)
    webrobots (0.1.1)
    yomu (0.1.5)

PLATFORMS
  ruby

DEPENDENCIES
  dashing
  dashing-contrib (~> 0.2.1)
  icalendar
  icalendar-recurrence
  mechanize
  nokogiri
  pry
  twitter (>= 5.9.0)
  yomu
